GEM
  remote: https://rubygems.org/
  specs:
    hubot (0.0.1)

PLATFORMS
  ruby

DEPENDENCIES
  hubot
